GEM
  remote: http://rubygems.org/
  specs:
    Text (1.1.3)
      text (>= 1.2.0)
    escape (0.0.4)
    ncurses (0.9.1)
    present (0.1.1)
      Text
      escape
      ncurses
      redgreen
    redgreen (1.2.2)
    ruby-terminfo (0.1.1)
    text (1.2.1)

PLATFORMS
  ruby

DEPENDENCIES
  present
  ruby-terminfo
